GEM
  remote: http://rubygems.org/
  specs:
    diff-lcs (1.1.2)
    excon (0.16.10)
    fattr (2.2.0)
    fuubar (0.0.3)
      rspec (~> 2.0)
      rspec-instafail (~> 0.1.4)
      ruby-progressbar (~> 0.0.9)
    heroku-api (0.3.8)
      excon (~> 0.16.10)
    infinity_test (1.0.2)
      notifiers (>= 1.1.0)
      watchr (>= 0.7)
    mocha (0.9.12)
    notifiers (1.1.0)
    rspec (2.5.0)
      rspec-core (~> 2.5.0)
      rspec-expectations (~> 2.5.0)
      rspec-mocks (~> 2.5.0)
    rspec-core (2.5.1)
    rspec-expectations (2.5.0)
      diff-lcs (~> 1.1.2)
    rspec-instafail (0.1.6)
    rspec-mocks (2.5.0)
    ruby-progressbar (0.0.9)
    rush (0.6.7)
      session
    session (3.1.0)
      fattr
    timecop (0.3.5)
    watchr (0.7)

PLATFORMS
  ruby

DEPENDENCIES
  fuubar
  heroku-api
  infinity_test
  mocha
  rspec
  rush
  timecop
